GIT
  remote: git://github.com/mizzy/nebel.git
  revision: a8cb0cfff393cc5fe5883281540184471bef4929
  specs:
    nebel (0.0.2)
      liquid (= 2.2.2)
      redcarpet

GEM
  remote: http://rubygems.org/
  specs:
    activesupport (3.2.11)
      i18n (~> 0.6)
      multi_json (~> 1.0)
    addressable (2.3.2)
    em-websocket (0.3.8)
      addressable (>= 2.1.1)
      eventmachine (>= 0.12.9)
    eventmachine (1.0.0)
    exifr (1.1.3)
    ffi (1.3.1)
    guard (1.0.1)
      ffi (>= 0.5.0)
      thor (~> 0.14.6)
    guard-livereload (0.4.2)
      em-websocket (>= 0.2.0)
      guard (>= 0.10.0)
      multi_json (~> 1.0)
    guard-shell (0.4.0)
      guard (>= 0.2.0)
    i18n (0.6.1)
    json (1.7.6)
    liquid (2.2.2)
    multi_json (1.5.0)
    posix-spawn (0.3.6)
    pygments.rb (0.3.7)
      posix-spawn (~> 0.3.6)
      yajl-ruby (~> 1.1.0)
    rakuten (0.1.1)
      activesupport
      i18n
      json (>= 1.4.6)
    redcarpet (2.2.2)
    thor (0.14.6)
    yajl-ruby (1.1.0)

PLATFORMS
  ruby

DEPENDENCIES
  exifr
  guard (= 1.0.1)
  guard-livereload (= 0.4.2)
  guard-shell (= 0.4.0)
  liquid (= 2.2.2)
  nebel!
  pygments.rb
  rakuten
  redcarpet
  thor
